GEM
  remote: https://rubygems.org/
  specs:
    addressable (2.3.5)
    builder (3.2.2)
    coderay (1.0.9)
    crack (0.4.1)
      safe_yaml (~> 0.9.0)
    daemons (1.1.9)
    diff-lcs (1.2.4)
    dotenv (0.9.0)
    eventmachine (1.0.3)
    excon (0.25.3)
    faraday (0.8.8)
      multipart-post (~> 1.2.0)
    foreman (0.63.0)
      dotenv (>= 0.7)
      thor (>= 0.13.6)
    haml (4.0.3)
      tilt
    hashie (2.0.5)
    httpauth (0.2.0)
    json (1.8.0)
    jwt (0.1.8)
      multi_json (>= 1.5)
    method_source (0.8.2)
    multi_json (1.7.9)
    multi_xml (0.5.5)
    multipart-post (1.2.0)
    nokogiri (1.5.10)
    oauth (0.4.7)
    oauth2 (0.9.2)
      faraday (~> 0.8)
      httpauth (~> 0.2)
      jwt (~> 0.1.4)
      multi_json (~> 1.0)
      multi_xml (~> 0.5)
      rack (~> 1.2)
    omniauth (1.1.4)
      hashie (>= 1.2, < 3)
      rack
    omniauth-google-apps (0.0.2)
      omniauth (~> 1.0)
      omniauth-openid (~> 1.0)
      ruby-openid-apps-discovery (~> 1.2.0)
    omniauth-openid (1.0.1)
      omniauth (~> 1.0)
      rack-openid (~> 1.3.1)
    pry (0.9.12.2)
      coderay (~> 1.0.5)
      method_source (~> 0.8)
      slop (~> 3.4)
    pry-nav (0.2.3)
      pry (~> 0.9.10)
    rack (1.5.2)
    rack-openid (1.3.1)
      rack (>= 1.1.0)
      ruby-openid (>= 2.1.8)
    rack-protection (1.5.0)
      rack
    rack-test (0.6.2)
      rack (>= 1.0)
    rspec (2.14.1)
      rspec-core (~> 2.14.0)
      rspec-expectations (~> 2.14.0)
      rspec-mocks (~> 2.14.0)
    rspec-core (2.14.5)
    rspec-expectations (2.14.2)
      diff-lcs (>= 1.1.3, < 2.0)
    rspec-mocks (2.14.3)
    ruby-openid (2.2.3)
    ruby-openid-apps-discovery (1.2.0)
      ruby-openid (>= 2.1.7)
    safe_yaml (0.9.5)
    simple_oauth (0.2.0)
    sinatra (1.4.3)
      rack (~> 1.4)
      rack-protection (~> 1.4)
      tilt (~> 1.3, >= 1.3.4)
    slop (3.4.6)
    thin (1.5.1)
      daemons (>= 1.0.9)
      eventmachine (>= 0.12.6)
      rack (>= 1.0.0)
    thor (0.18.1)
    tilt (1.4.1)
    webmock (1.13.0)
      addressable (>= 2.2.7)
      crack (>= 0.3.2)
    youtube_it (2.3.2)
      builder
      excon
      faraday (~> 0.8)
      json (~> 1.8.0)
      nokogiri (~> 1.5.2)
      oauth (~> 0.4.4)
      oauth2 (~> 0.6)
      simple_oauth (>= 0.1.5)
      webmock

PLATFORMS
  ruby

DEPENDENCIES
  foreman
  haml
  omniauth-google-apps
  omniauth-openid
  pry
  pry-nav
  rack-test
  rspec
  ruby-openid-apps-discovery
  sinatra (~> 1.4.3)
  thin
  youtube_it
